GEM
  remote: https://rubygems.org/
  specs:
    dotenv (2.1.1)
    faraday (2.3.0)
      faraday-net_http (~> 2.0)
      ruby2_keywords (>= 0.0.4)
    faraday-net_http (2.0.3)
    hashie (5.0.0)
    jwt (2.4.1)
    multi_xml (0.6.0)
    oauth2 (2.0.0)
      faraday (>= 0.17.3, < 3.0)
      jwt (>= 1.0, < 3.0)
      multi_xml (~> 0.5)
      rack (>= 1.2, < 3)
      rash_alt (>= 0.4, < 1)
      version_gem (~> 1.0)
    rack (2.2.3.1)
    rash_alt (0.4.12)
      hashie (>= 3.4)
    ruby2_keywords (0.0.5)
    version_gem (1.0.0)

PLATFORMS
  ruby

DEPENDENCIES
  dotenv
  oauth2

BUNDLED WITH
   1.17.3
